GEM
  remote: https://rubygems.org/
  specs:
    nokogiri (1.13.1-x86_64-linux)
      racc (~> 1.4)
    racc (1.6.0)

PLATFORMS
  x86_64-linux

DEPENDENCIES
  nokogiri (~> 1.13)

BUNDLED WITH
   2.2.25
